GEM
  remote: https://rubygems.org/
  specs:
    bcrypt (3.1.20)
    daemons (1.4.1)
    debug (1.7.1)
      irb (>= 1.5.0)
      reline (>= 0.3.1)
    eventmachine (1.2.7)
    ffi (1.15.5)
    io-console (0.6.0)
    irb (1.6.2)
      reline (>= 0.3.0)
    listen (3.8.0)
      rb-fsevent (~> 0.10, >= 0.10.3)
      rb-inotify (~> 0.9, >= 0.9.10)
    mustermann (3.0.0)
      ruby2_keywords (~> 0.0.1)
    rack (2.2.8)
    rack-protection (3.1.0)
      rack (~> 2.2, >= 2.2.4)
    rb-fsevent (0.11.2)
    rb-inotify (0.10.1)
      ffi (~> 1.0)
    reline (0.3.2)
      io-console (~> 0.5)
    rerun (0.14.0)
      listen (~> 3.0)
    ruby2_keywords (0.0.5)
    sinatra (3.1.0)
      mustermann (~> 3.0)
      rack (~> 2.2, >= 2.2.4)
      rack-protection (= 3.1.0)
      tilt (~> 2.0)
    sinatra-flash (0.3.0)
      sinatra (>= 1.0.0)
    sqlite3 (1.6.8-x86_64-linux)
    thin (1.8.2)
      daemons (~> 1.0, >= 1.0.9)
      eventmachine (~> 1.0, >= 1.0.4)
      rack (>= 1, < 3)
    tilt (2.2.0)

PLATFORMS
  x86_64-linux

DEPENDENCIES
  bcrypt
  debug
  rerun
  sinatra
  sinatra-flash
  sqlite3
  thin

BUNDLED WITH
   2.4.19
